GEM
  remote: http://rubygems.org/
  specs:
    addressable (2.2.4)
    dm-core (1.1.0)
      addressable (~> 2.2.4)
    dm-migrations (1.1.0)
      dm-core (~> 1.1.0)
    exifr (1.0.6)
    haml (3.0.25)
    rack (1.2.2)
    sinatra (1.2.2)
      rack (~> 1.1)
      tilt (>= 1.2.2, < 2.0)
    tilt (1.2.2)

PLATFORMS
  ruby

DEPENDENCIES
  dm-core
  dm-migrations
  exifr
  haml
  sinatra
